GEM
  remote: https://rubygems.org/
  specs:
    Platform (0.4.0)
    aasm (3.2.0)
    actionmailer (3.2.18)
      actionpack (= 3.2.18)
      mail (~> 2.5.4)
    actionpack (3.2.18)
      activemodel (= 3.2.18)
      activesupport (= 3.2.18)
      builder (~> 3.0.0)
      erubis (~> 2.7.0)
      journey (~> 1.0.4)
      rack (~> 1.4.5)
      rack-cache (~> 1.2)
      rack-test (~> 0.6.1)
      sprockets (~> 2.2.1)
    activemodel (3.2.18)
      activesupport (= 3.2.18)
      builder (~> 3.0.0)
    activerecord (3.2.18)
      activemodel (= 3.2.18)
      activesupport (= 3.2.18)
      arel (~> 3.0.2)
      tzinfo (~> 0.3.29)
    activerecord-import (0.5.2)
      activerecord (>= 3.0)
    activerecord-jdbc-adapter (1.3.7)
      activerecord (>= 2.2)
    activerecord-jdbcmssql-adapter (1.3.7)
      activerecord-jdbc-adapter (~> 1.3.7)
      jdbc-jtds (>= 1.2.7)
    activerecord-jdbcpostgresql-adapter (1.3.7)
      activerecord-jdbc-adapter (~> 1.3.7)
      jdbc-postgres (>= 9.1)
    activerecord-oracle_enhanced-adapter (1.4.3)
    activeresource (3.2.18)
      activemodel (= 3.2.18)
      activesupport (= 3.2.18)
    activesupport (3.2.18)
      i18n (~> 0.6, >= 0.6.4)
      multi_json (~> 1.0)
    acts_as_archival (0.6.0)
      activerecord
    acts_as_audited (2.1.0)
      rails (~> 3.0, >= 3.0.3)
    acts_as_list (0.4.0)
      activerecord (>= 3.0)
    addressable (2.3.6)
    akami (1.2.2)
      gyoku (>= 0.4.0)
      nokogiri
    arel (3.0.3)
    attribute_normalizer (1.1.0)
    bcrypt (3.1.7)
    bcrypt (3.1.7-java)
    blankslate (2.1.2.4)
    builder (3.0.4)
    bullet (4.8.0)
      activesupport
      uniform_notifier (>= 1.4.0)
    cache_digests (0.3.1)
      actionpack (>= 3.2)
      thread_safe
    cancan (1.6.10)
    capistrano (2.15.5)
      highline
      net-scp (>= 1.0.0)
      net-sftp (>= 2.0.0)
      net-ssh (>= 2.0.14)
      net-ssh-gateway (>= 1.1.0)
    capybara (2.4.1)
      mime-types (>= 1.16)
      nokogiri (>= 1.3.3)
      rack (>= 1.0.0)
      rack-test (>= 0.5.4)
      xpath (~> 2.0)
    carrierwave (0.10.0)
      activemodel (>= 3.2.0)
      activesupport (>= 3.2.0)
      json (>= 1.7)
      mime-types (>= 1.16)
    ci_reporter (1.8.4)
      builder (>= 2.1.2)
    cliver (0.3.2)
    coderay (1.1.0)
    coffee-rails (3.2.2)
      coffee-script (>= 2.2.0)
      railties (~> 3.2.0)
    coffee-script (2.2.0)
      coffee-script-source
      execjs
    coffee-script-source (1.7.0)
    concerned_with (0.1.0)
    database_cleaner (1.2.0)
    deep_cloneable (1.4.1)
      rails
    devise (3.2.4)
      bcrypt (~> 3.0)
      orm_adapter (~> 0.1)
      railties (>= 3.2.6, < 5)
      thread_safe (~> 0.1)
      warden (~> 1.2.3)
    devise-encryptable (0.2.0)
      devise (>= 2.1.0)
    diff-lcs (1.2.5)
    draper (1.3.1)
      actionpack (>= 3.0)
      activemodel (>= 3.0)
      activesupport (>= 3.0)
      request_store (~> 1.0.3)
    dynamic_form (1.1.4)
    edn (1.0.0)
      parslet (~> 1.4.0)
    erubis (2.7.0)
    execjs (2.2.0)
    factory_girl (4.4.0)
      activesupport (>= 3.0.0)
    factory_girl_rails (4.4.1)
      factory_girl (~> 4.4.0)
      railties (>= 3.0.0)
    ffi (1.9.3-java)
    gene_pool (1.4.1)
      thread_safe
    gibberish (1.4.0)
    gyoku (0.4.6)
      builder (>= 2.1.2)
    handsoap (1.4.0)
    highline (1.6.11)
    hike (1.2.3)
    httpi (1.1.1)
      rack
    hudson-remote-api (0.7.0)
      rake
    i18n (0.6.11)
    ice_cube (0.11.0)
    jdbc-jtds (1.3.1)
    jdbc-postgres (9.3.1101)
    journey (1.0.4)
    jquery-rails (2.0.2)
      railties (>= 3.2.0, < 5.0)
      thor (~> 0.14)
    jquery_context_menu-rails (0.0.4)
      jquery-rails
    jruby-parser (0.5.4)
    jruby-rack (1.1.14)
    json (1.8.1)
    json (1.8.1-java)
    json_select (0.1.4)
      treetop
    launchy (2.4.2)
      addressable (~> 2.3)
    launchy (2.4.2-java)
      addressable (~> 2.3)
      spoon (~> 0.0.1)
    letter_opener (1.2.0)
      launchy (~> 2.2)
    liquid (2.6.1)
    mail (2.5.4)
      mime-types (~> 1.16)
      treetop (~> 1.4.8)
    method_source (0.8.2)
    mime-types (1.25.1)
    mini_portile (0.5.3)
    multi_json (1.10.1)
    net-ldap (0.6.1)
    net-scp (1.0.4)
      net-ssh (>= 1.99.1)
    net-sftp (2.0.5)
      net-ssh (>= 2.0.9)
    net-ssh (2.3.0)
    net-ssh-gateway (1.1.0)
      net-ssh (>= 1.99.1)
    newrelic_rpm (3.7.3.204)
    nokogiri (1.6.1)
      mini_portile (~> 0.5.0)
    nokogiri (1.6.1-java)
      mini_portile (~> 0.5.0)
    nori (1.1.5)
    open4 (1.3.4)
    orm_adapter (0.5.0)
    parslet (1.4.0)
      blankslate (~> 2.0)
    poltergeist (1.5.1)
      capybara (~> 2.1)
      cliver (~> 0.3.1)
      multi_json (~> 1.0)
      websocket-driver (>= 0.2.0)
    polyglot (0.3.5)
    popen4 (0.1.2)
      Platform (>= 0.4.0)
      open4 (>= 0.4.0)
    pry (0.9.12.3)
      coderay (~> 1.0)
      method_source (~> 0.8)
      slop (~> 3.4)
    pry (0.9.12.3-java)
      coderay (~> 1.0)
      method_source (~> 0.8)
      slop (~> 3.4)
      spoon (~> 0.0)
    pry-rails (0.3.2)
      pry (>= 0.9.10)
    rack (1.4.5)
    rack-cache (1.2)
      rack (>= 0.4)
    rack-ssl (1.3.4)
      rack
    rack-test (0.6.2)
      rack (>= 1.0)
    rails (3.2.18)
      actionmailer (= 3.2.18)
      actionpack (= 3.2.18)
      activerecord (= 3.2.18)
      activeresource (= 3.2.18)
      activesupport (= 3.2.18)
      bundler (~> 1.0)
      railties (= 3.2.18)
    rails_autolink (1.1.6)
      rails (> 3.1)
    railties (3.2.18)
      actionpack (= 3.2.18)
      activesupport (= 3.2.18)
      rack-ssl (~> 1.3.2)
      rake (>= 0.8.7)
      rdoc (>= 3.4)
      thor (>= 0.14.6, < 2.0)
    rake (10.3.2)
    rally_rest_api (1.0.3)
    random_data (1.6.0)
    rdoc (4.0.1)
      json (~> 1.4)
    recurring_select (1.2.0)
      coffee-rails (>= 3.1)
      ice_cube (>= 0.8)
      jquery-rails
      rails (>= 3.1)
      sass-rails (>= 3.1)
    request_store (1.0.7)
    rest-client (1.6.7)
      mime-types (>= 1.16)
    rspec (2.99.0)
      rspec-core (~> 2.99.0)
      rspec-expectations (~> 2.99.0)
      rspec-mocks (~> 2.99.0)
    rspec-collection_matchers (1.0.0)
      rspec-expectations (>= 2.99.0.beta1)
    rspec-core (2.99.0)
    rspec-expectations (2.99.0)
      diff-lcs (>= 1.1.3, < 2.0)
    rspec-http (0.10.0)
      rspec (~> 2.0)
    rspec-mocks (2.99.0)
    rspec-rails (2.99.0)
      actionpack (>= 3.0)
      activemodel (>= 3.0)
      activesupport (>= 3.0)
      railties (>= 3.0)
      rspec-collection_matchers
      rspec-core (~> 2.99.0)
      rspec-expectations (~> 2.99.0)
      rspec-mocks (~> 2.99.0)
    rubycas-client (2.3.9)
      activesupport
    sass (3.3.8)
    sass-rails (3.2.6)
      railties (~> 3.2.0)
      sass (>= 3.1.10)
      tilt (~> 1.3)
    savon (1.1.0)
      akami (~> 1.2.0)
      builder (>= 2.1.2)
      gyoku (~> 0.4.5)
      httpi (~> 1.1.0)
      nokogiri (>= 1.4.0)
      nori (~> 1.1.0)
      wasabi (~> 2.5.0)
    shoulda-matchers (2.5.0)
      activesupport (>= 3.0.0)
    simplecov (0.7.1)
      multi_json (~> 1.0)
      simplecov-html (~> 0.7.1)
    simplecov-html (0.7.1)
    slim (2.0.2)
      temple (~> 0.6.6)
      tilt (>= 1.3.3, < 2.1)
    slim-rails (2.1.4)
      actionpack (>= 3.0, < 4.2)
      activesupport (>= 3.0, < 4.2)
      railties (>= 3.0, < 4.2)
      slim (~> 2.0)
    slop (3.5.0)
    spoon (0.0.4)
      ffi
    spork (1.0.0rc4)
    spork-rails (4.0.0)
      rails (>= 3.0.0, < 5)
      spork (>= 1.0rc0)
    sprockets (2.2.2)
      hike (~> 1.2)
      multi_json (~> 1.0)
      rack (~> 1.0)
      tilt (~> 1.1, != 1.3.0)
    temple (0.6.7)
    therubyrhino (2.0.3)
      therubyrhino_jar (>= 1.7.3)
    therubyrhino_jar (1.7.4)
    thor (0.19.1)
    thread_safe (0.3.4)
    thread_safe (0.3.4-java)
    tilt (1.4.1)
    torquebox (3.1.0)
      thor (>= 0.14.6)
      torquebox-cache (= 3.1.0)
      torquebox-configure (= 3.1.0)
      torquebox-core (= 3.1.0)
      torquebox-messaging (= 3.1.0)
      torquebox-naming (= 3.1.0)
      torquebox-rake-support (= 3.1.0)
      torquebox-security (= 3.1.0)
      torquebox-stomp (= 3.1.0)
      torquebox-transactions (= 3.1.0)
      torquebox-web (= 3.1.0)
    torquebox-cache (3.1.0-java)
      torquebox-core (= 3.1.0)
      torquebox-transactions (= 3.1.0)
    torquebox-configure (3.1.0-java)
      blankslate (= 2.1.2.4)
    torquebox-core (3.1.0-java)
      edn (= 1.0.0)
    torquebox-mailer (1.0.0-java)
      actionmailer (>= 3.0.0)
      torquebox-messaging (>= 2.3.2)
    torquebox-messaging (3.1.0-java)
      torquebox-core (= 3.1.0)
      torquebox-transactions (= 3.1.0)
    torquebox-naming (3.1.0-java)
      torquebox-core (= 3.1.0)
    torquebox-rake-support (3.1.0)
      rake (>= 0.8.7)
    torquebox-security (3.1.0-java)
      torquebox-core (= 3.1.0)
    torquebox-stomp (3.1.0)
      torquebox-core (= 3.1.0)
      torquebox-messaging (= 3.1.0)
    torquebox-transactions (3.1.0)
      torquebox-core (= 3.1.0)
    torquebox-web (3.1.0-java)
    treetop (1.4.15)
      polyglot
      polyglot (>= 0.3.1)
    tzinfo (0.3.39)
    uglifier (2.5.0)
      execjs (>= 0.3.0)
      multi_json (>= 1.0.2)
    underscore-rails (1.6.0)
    uniform_notifier (1.4.0)
    warden (1.2.3)
      rack (>= 1.0)
    wasabi (2.5.1)
      httpi (~> 1.0)
      nokogiri (>= 1.4.0)
    websocket-driver (0.3.3)
    websocket-driver (0.3.3-java)
    wicked_pdf (0.7.7)
    will_paginate (3.0.5)
    xml-simple (1.1.3)
    xpath (2.0.0)
      nokogiri (~> 1.3)

PLATFORMS
  java

DEPENDENCIES
  aasm (= 3.2.0)
  activerecord-import (= 0.5.2)
  activerecord-jdbc-adapter (~> 1.3.7)
  activerecord-jdbcmssql-adapter (~> 1.3.7)
  activerecord-jdbcpostgresql-adapter (~> 1.3.7)
  activerecord-oracle_enhanced-adapter (= 1.4.3)
  acts_as_archival
  acts_as_audited
  acts_as_list
  attribute_normalizer
  bullet (= 4.8.0)
  cache_digests (= 0.3.1)
  cancan
  capistrano (= 2.15.5)
  capybara (= 2.4.1)
  carrierwave
  ci_reporter (= 1.8.4)
  coffee-rails (~> 3.2.1)
  concerned_with
  database_cleaner (= 1.2.0)
  deep_cloneable (~> 1.4.0)
  devise
  devise-encryptable
  draper (= 1.3.1)
  dynamic_form
  factory_girl_rails (= 4.4.1)
  gene_pool
  gibberish
  handsoap
  highline (= 1.6.11)
  hudson-remote-api
  ice_cube (= 0.11.0)
  jquery-rails (= 2.0.2)
  jquery_context_menu-rails
  jruby-parser (~> 0.3)
  jruby-rack (>= 1.1.7)
  json_select (= 0.1.4)
  letter_opener (= 1.2.0)
  liquid
  net-ldap
  net-ssh (= 2.3.0)
  newrelic_rpm (= 3.7.3.204)
  nokogiri (= 1.6.1)
  poltergeist (~> 1.5.1)
  popen4
  pry (= 0.9.12.3)
  pry-rails (= 0.3.2)
  rails (= 3.2.18)
  rails_autolink
  rally_rest_api (= 1.0.3)
  random_data (= 1.6.0)
  recurring_select (= 1.2.0)
  rest-client
  rspec-http (>= 0.9)
  rspec-rails (= 2.99.0)
  rubycas-client
  sass-rails (~> 3.2.3)
  savon (= 1.1.0)
  shoulda-matchers (= 2.5.0)
  simplecov (= 0.7.1)
  slim (= 2.0.2)
  slim-rails (= 2.1.4)
  spork (~> 1.0.0rc4)
  spork-rails (~> 4.0.0)
  therubyrhino
  torquebox (= 3.1.0)
  torquebox-mailer (= 1.0.0)
  uglifier (>= 1.0.3)
  underscore-rails
  wicked_pdf (= 0.7.7)
  will_paginate
  xml-simple
